GIT
  remote: https://github.com/draganm/nestene.git
  revision: ecbbcd32c945aaae1d98b013ef07850f6023cb02
  specs:
    nestene (0.2.1)
      celluloid
      haml
      jwt
      sinatra
      sinatra-websocket
      structure_mapper

GIT
  remote: https://github.com/draganm/regenwolke_autons.git
  revision: 08632248c821bd1b3b28c3b17a112c712acb7aad
  specs:
    regenwolke_autons (0.0.9)
      docker-api (~> 1.17.0)
      nestene (~> 0.2.1)
      structure_mapper (~> 0.0.2)

GEM
  remote: https://rubygems.org/
  specs:
    addressable (2.3.6)
    archive-tar-minitar (0.5.2)
    builder (3.2.2)
    byebug (3.5.1)
      columnize (~> 0.8)
      debugger-linecache (~> 1.2)
      slop (~> 3.6)
    capybara (2.4.4)
      mime-types (>= 1.16)
      nokogiri (>= 1.3.3)
      rack (>= 1.0.0)
      rack-test (>= 0.5.4)
      xpath (~> 2.0)
    celluloid (0.16.0)
      timers (~> 4.0.0)
    coderay (1.1.0)
    columnize (0.9.0)
    cucumber (1.3.18)
      builder (>= 2.1.2)
      diff-lcs (>= 1.1.3)
      gherkin (~> 2.12)
      multi_json (>= 1.7.5, < 2.0)
      multi_test (>= 0.1.1)
    daemons (1.1.9)
    debugger-linecache (1.2.0)
    diff-lcs (1.2.5)
    docker-api (1.17.0)
      archive-tar-minitar
      excon (>= 0.38.0)
      json
    em-websocket (0.3.8)
      addressable (>= 2.1.1)
      eventmachine (>= 0.12.9)
    eventmachine (1.0.4)
    excon (0.43.0)
    gherkin (2.12.2)
      multi_json (~> 1.3)
    haml (4.0.6)
      tilt
    hitimes (1.2.2)
    json (1.8.2)
    jwt (1.2.1)
    method_source (0.8.2)
    mime-types (2.4.3)
    mini_portile (0.6.2)
    multi_json (1.10.1)
    multi_test (0.1.1)
    nokogiri (1.6.6.2)
      mini_portile (~> 0.6.0)
    pry (0.10.1)
      coderay (~> 1.1.0)
      method_source (~> 0.8.1)
      slop (~> 3.4)
    pry-byebug (2.0.0)
      byebug (~> 3.4)
      pry (~> 0.10)
    puma (2.11.0)
      rack (>= 1.1, < 2.0)
    rack (1.6.0)
    rack-protection (1.5.3)
      rack
    rack-test (0.6.3)
      rack (>= 1.0)
    rspec (3.1.0)
      rspec-core (~> 3.1.0)
      rspec-expectations (~> 3.1.0)
      rspec-mocks (~> 3.1.0)
    rspec-core (3.1.7)
      rspec-support (~> 3.1.0)
    rspec-expectations (3.1.2)
      diff-lcs (>= 1.2.0, < 2.0)
      rspec-support (~> 3.1.0)
    rspec-mocks (3.1.3)
      rspec-support (~> 3.1.0)
    rspec-support (3.1.2)
    sinatra (1.4.5)
      rack (~> 1.4)
      rack-protection (~> 1.4)
      tilt (~> 1.3, >= 1.3.4)
    sinatra-websocket (0.3.1)
      em-websocket (~> 0.3.6)
      eventmachine
      thin (>= 1.3.1, < 2.0.0)
    slop (3.6.0)
    structure_mapper (0.0.2)
    thin (1.6.3)
      daemons (~> 1.0, >= 1.0.9)
      eventmachine (~> 1.0)
      rack (~> 1.0)
    tilt (1.4.1)
    timers (4.0.1)
      hitimes
    xpath (2.0.0)
      nokogiri (~> 1.3)

PLATFORMS
  ruby

DEPENDENCIES
  capybara
  cucumber
  haml
  nestene!
  pry
  pry-byebug
  puma
  rack-test
  regenwolke_autons!
  rspec
  sinatra
